GEM
  remote: https://rubygems.org/
  specs:
    addressable (2.5.0)
      public_suffix (~> 2.0, >= 2.0.2)
    clipboard (1.1.1)
    coderay (1.1.1)
    colorize (0.8.1)
    launchy (2.4.3)
      addressable (~> 2.3)
    method_source (0.8.2)
    mini_portile2 (2.1.0)
    nokogiri (1.7.0.1)
      mini_portile2 (~> 2.1.0)
    pry (0.10.4)
      coderay (~> 1.1.0)
      method_source (~> 0.8.1)
      slop (~> 3.4)
    public_suffix (2.0.5)
    slop (3.6.0)

PLATFORMS
  ruby

DEPENDENCIES
  clipboard!
  colorize!
  launchy!
  nokogiri!
  pry!

BUNDLED WITH
   1.14.3
